GIT
  remote: git://github.com/jwhitehorn/acts_as_versioned.git
  revision: c0a70fb2bb8f3fef65852f79d636da8dfdca9f24
  specs:
    acts_as_versioned (3.2.0)
      activerecord (>= 3.0.0)

GIT
  remote: git://github.com/zonecheung/acts_as_voteable.git
  revision: e99b46665b514190943e22dd7cb8ca618715f71e
  specs:
    acts_as_voteable (0.0.3)

GEM
  remote: http://rubygems.org/
  specs:
    actionmailer (4.0.2)
      actionpack (= 4.0.2)
      mail (~> 2.5.4)
    actionpack (4.0.2)
      activesupport (= 4.0.2)
      builder (~> 3.1.0)
      erubis (~> 2.7.0)
      rack (~> 1.5.2)
      rack-test (~> 0.6.2)
    activemodel (4.0.2)
      activesupport (= 4.0.2)
      builder (~> 3.1.0)
    activerecord (4.0.2)
      activemodel (= 4.0.2)
      activerecord-deprecated_finders (~> 1.0.2)
      activesupport (= 4.0.2)
      arel (~> 4.0.0)
    activerecord-deprecated_finders (1.0.3)
    activesupport (4.0.2)
      i18n (~> 0.6, >= 0.6.4)
      minitest (~> 4.2)
      multi_json (~> 1.3)
      thread_safe (~> 0.1)
      tzinfo (~> 0.3.37)
    angularjs-rails (1.2.4)
    arel (4.0.1)
    atomic (1.1.14)
    atomic (1.1.14-java)
    bcrypt-ruby (3.1.2)
    bcrypt-ruby (3.1.2-java)
    better_errors (1.0.1)
      coderay (>= 1.0.0)
      erubis (>= 2.6.6)
    builder (3.1.4)
    capistrano (2.5.19)
      highline
      net-scp (>= 1.0.0)
      net-sftp (>= 2.0.0)
      net-ssh (>= 2.0.14)
      net-ssh-gateway (>= 1.0.0)
    chronic (0.2.3)
      hoe (>= 1.2.1)
    coderay (1.0.9)
    dalli (2.6.2)
    devise (3.2.2)
      bcrypt-ruby (~> 3.0)
      orm_adapter (~> 0.1)
      railties (>= 3.2.6, < 5)
      thread_safe (~> 0.1)
      warden (~> 1.2.3)
    devise_openid_authenticatable (1.1.2)
      devise (>= 1.3)
      rack-openid (>= 1.2.0)
    erubis (2.7.0)
    execjs (1.4.0)
      multi_json (~> 1.0)
    feedbacker (0.1.5)
    ffi (1.9.3-java)
    flexmock (0.8.7)
    font-awesome-rails (3.0.2.0)
      railties (>= 3.1)
    haml (4.0.0)
      tilt
    highline (1.6.15)
    hike (1.2.3)
    hoe (3.5.0)
      rake (>= 0.8, < 11.0)
    i18n (0.6.9)
    jquery-rails (2.2.1)
      railties (>= 3.0, < 5.0)
      thor (>= 0.14, < 2.0)
    jquery-ui-rails (4.0.1)
      jquery-rails
      railties (>= 3.1.0)
    jubilee (1.0.0)
      rack (>= 1.4.1)
      spoon (~> 0.0.4)
    kgio (2.8.0)
    kramdown (1.3.0)
    libv8 (3.3.10.4)
    mail (2.5.4)
      mime-types (~> 1.16)
      treetop (~> 1.4.8)
    method_source (0.8.1)
    mime-types (1.25.1)
    minitest (4.7.5)
    multi_json (1.8.2)
    net-scp (1.1.0)
      net-ssh (>= 2.6.5)
    net-sftp (2.1.1)
      net-ssh (>= 2.6.5)
    net-ssh (2.6.5)
    net-ssh-gateway (1.2.0)
      net-ssh (>= 2.6.5)
    orm_adapter (0.5.0)
    pg (0.14.1)
    pg_jruby (0.14.1.rc2-java)
    pg_search (0.7.2)
      activerecord (>= 3.1)
      activesupport (>= 3.1)
      arel
    polyglot (0.3.3)
    pry (0.9.12)
      coderay (~> 1.0.5)
      method_source (~> 0.8)
      slop (~> 3.4)
    pry (0.9.12-java)
      coderay (~> 1.0.5)
      method_source (~> 0.8)
      slop (~> 3.4)
      spoon (~> 0.0)
    psych (1.3.4)
    rack (1.5.2)
    rack-cache (1.2)
      rack (>= 0.4)
    rack-openid (1.3.1)
      rack (>= 1.1.0)
      ruby-openid (>= 2.1.8)
    rack-test (0.6.2)
      rack (>= 1.0)
    rails (4.0.2)
      actionmailer (= 4.0.2)
      actionpack (= 4.0.2)
      activerecord (= 4.0.2)
      activesupport (= 4.0.2)
      bundler (>= 1.3.0, < 2.0)
      railties (= 4.0.2)
      sprockets-rails (~> 2.0.0)
    railties (4.0.2)
      actionpack (= 4.0.2)
      activesupport (= 4.0.2)
      rake (>= 0.8.7)
      thor (>= 0.18.1, < 2.0)
    raindrops (0.10.0)
    rake (10.1.0)
    rcov (0.9.9)
    rcov (0.9.9-java)
    rdiscount (1.6.5)
    ruby-openid (2.2.3)
    sass (3.2.12)
    sass-rails (4.0.1)
      railties (>= 4.0.0, < 5.0)
      sass (>= 3.1.10)
      sprockets-rails (~> 2.0.0)
    shoulda (2.11.3)
    slop (3.4.3)
    spoon (0.0.4)
      ffi
    sprockets (2.10.1)
      hike (~> 1.2)
      multi_json (~> 1.0)
      rack (~> 1.0)
      tilt (~> 1.1, != 1.3.0)
    sprockets-rails (2.0.1)
      actionpack (>= 3.0)
      activesupport (>= 3.0)
      sprockets (~> 2.8)
    therubyracer (0.10.2)
      libv8 (~> 3.3.10)
    thor (0.18.1)
    thread_safe (0.1.3)
      atomic
    thread_safe (0.1.3-java)
      atomic
    tilt (1.4.1)
    treetop (1.4.15)
      polyglot
      polyglot (>= 0.3.1)
    tzinfo (0.3.38)
    uglifier (1.3.0)
      execjs (>= 0.3.0)
      multi_json (~> 1.0, >= 1.0.2)
    unicorn (4.6.2)
      kgio (~> 2.6)
      rack
      raindrops (~> 0.7)
    warden (1.2.3)
      rack (>= 1.0)
    will_paginate (3.0.5)
    zurb-foundation (4.0.9)
      sass (>= 3.2.0)

PLATFORMS
  java
  ruby

DEPENDENCIES
  acts_as_versioned!
  acts_as_voteable!
  angularjs-rails
  better_errors
  capistrano
  chronic (= 0.2.3)
  dalli
  devise
  devise_openid_authenticatable
  feedbacker
  flexmock (= 0.8.7)
  font-awesome-rails
  haml
  jquery-rails
  jquery-ui-rails
  jubilee
  kramdown
  pg
  pg_jruby
  pg_search
  pry
  psych
  rack-cache
  rack-openid
  rails (~> 4.0.0)
  rcov (= 0.9.9)
  rdiscount (= 1.6.5)
  ruby-openid
  sass-rails
  shoulda (= 2.11.3)
  therubyracer (~> 0.10.2)
  uglifier (>= 1.0.3)
  unicorn
  will_paginate
  zurb-foundation (~> 4.0.0)
