GEM
  remote: http://rubygems.org/
  specs:
    ZenTest (4.4.0)
    actionmailer (2.3.5)
      actionpack (= 2.3.5)
    actionpack (2.3.5)
      activesupport (= 2.3.5)
      rack (~> 1.0.0)
    activerecord (2.3.5)
      activesupport (= 2.3.5)
    activeresource (2.3.5)
      activesupport (= 2.3.5)
    activesupport (2.3.5)
    capistrano (2.5.19)
      highline
      net-scp (>= 1.0.0)
      net-sftp (>= 2.0.0)
      net-ssh (>= 2.0.14)
      net-ssh-gateway (>= 1.0.0)
    chronic (0.2.3)
      hoe (>= 1.2.1)
    coderay (1.0.8)
    dalli (1.0.5)
    flexmock (0.8.7)
    highline (1.6.15)
    hoe (3.5.0)
      rake (>= 0.8, < 11.0)
    method_source (0.8.1)
    net-scp (1.1.0)
      net-ssh (>= 2.6.5)
    net-sftp (2.1.1)
      net-ssh (>= 2.6.5)
    net-ssh (2.6.5)
    net-ssh-gateway (1.2.0)
      net-ssh (>= 2.6.5)
    newrelic_rpm (3.5.6.55)
    pg (0.14.1)
    pg_search (0.2.1)
    pry (0.9.12)
      coderay (~> 1.0.5)
      method_source (~> 0.8)
      slop (~> 3.4)
    rack (1.0.1)
    rack-openid (1.0.3)
      rack (>= 0.4)
      ruby-openid (>= 2.1.6)
    rails (2.3.5)
      actionmailer (= 2.3.5)
      actionpack (= 2.3.5)
      activerecord (= 2.3.5)
      activeresource (= 2.3.5)
      activesupport (= 2.3.5)
      rake (>= 0.8.3)
    rake (0.8.7)
    rcov (0.9.9)
    rdiscount (1.6.5)
    ruby-openid (2.1.7)
    ruby-prof (0.9.2)
    rubytree (0.7.0)
    shoulda (2.11.3)
    slop (3.4.3)
    will_paginate (2.3.12)

PLATFORMS
  ruby

DEPENDENCIES
  ZenTest (= 4.4.0)
  capistrano (= 2.5.19)
  chronic (= 0.2.3)
  dalli (~> 1.0.5)
  flexmock (= 0.8.7)
  newrelic_rpm
  pg
  pg_search
  pry
  rack-openid (= 1.0.3)
  rails (= 2.3.5)
  rake (= 0.8.7)
  rcov (= 0.9.9)
  rdiscount (= 1.6.5)
  ruby-openid (= 2.1.7)
  ruby-prof (= 0.9.2)
  rubytree (= 0.7.0)
  shoulda (= 2.11.3)
  will_paginate (= 2.3.12)
