GEM
  remote: http://rubygems.org/
  specs:
    ZenTest (4.4.0)
    actionmailer (2.3.5)
      actionpack (= 2.3.5)
    actionpack (2.3.5)
      activesupport (= 2.3.5)
      rack (~> 1.0.0)
    activerecord (2.3.5)
      activesupport (= 2.3.5)
    activeresource (2.3.5)
      activesupport (= 2.3.5)
    activesupport (2.3.5)
    capistrano (2.5.19)
      highline
      net-scp (>= 1.0.0)
      net-sftp (>= 2.0.0)
      net-ssh (>= 2.0.14)
      net-ssh-gateway (>= 1.0.0)
    chronic (0.2.3)
      hoe (>= 1.2.1)
    flexmock (0.8.7)
    highline (1.6.1)
    hoe (2.6.2)
      rake (>= 0.8.7)
      rubyforge (>= 2.0.4)
    json_pure (1.4.6)
    net-scp (1.0.4)
      net-ssh (>= 1.99.1)
    net-sftp (2.0.5)
      net-ssh (>= 2.0.9)
    net-ssh (2.0.23)
    net-ssh-gateway (1.0.1)
      net-ssh (>= 1.99.1)
    pg (0.14.1)
    rack (1.0.1)
    rack-openid (1.0.3)
      rack (>= 0.4)
      ruby-openid (>= 2.1.6)
    rails (2.3.5)
      actionmailer (= 2.3.5)
      actionpack (= 2.3.5)
      activerecord (= 2.3.5)
      activeresource (= 2.3.5)
      activesupport (= 2.3.5)
      rake (>= 0.8.3)
    rake (0.8.7)
    rcov (0.9.9)
    rdiscount (1.6.5)
    ruby-openid (2.1.7)
    ruby-prof (0.9.2)
    rubyforge (2.0.4)
      json_pure (>= 1.1.7)
    rubytree (0.7.0)
    shoulda (2.11.3)
    will_paginate (2.3.12)

PLATFORMS
  ruby

DEPENDENCIES
  ZenTest (= 4.4.0)
  capistrano (= 2.5.19)
  chronic (= 0.2.3)
  flexmock (= 0.8.7)
  pg
  rack-openid (= 1.0.3)
  rails (= 2.3.5)
  rake (= 0.8.7)
  rcov (= 0.9.9)
  rdiscount (= 1.6.5)
  ruby-openid (= 2.1.7)
  ruby-prof (= 0.9.2)
  rubytree (= 0.7.0)
  shoulda (= 2.11.3)
  will_paginate (= 2.3.12)
